NUGET
  remote: https://nuget.org/api/v2
  specs:
    CsQuery (1.3.4) - framework: >= net40
    evernote-cloud-sdk-windows (1.0.8)
      PreMailer.Net (>= 1.2.7) - framework: >= net40
      SgmlReader (>= 1.8.11) - framework: >= net40
    FAKE (4.8.0)
    FSharp.Compiler.Tools (4.0.0.1)
    ilmerge (2.14.1208)
    Newtonsoft.Json (7.0.1)
    PreMailer.Net (1.4.2) - framework: >= net40
      CsQuery (>= 1.3.4)
    Rx-Core (2.2.5)
      Rx-Interfaces (>= 2.2.5)
    Rx-Interfaces (2.2.5)
    Rx-Linq (2.2.5)
      Rx-Core (>= 2.2.5)
      Rx-Interfaces (>= 2.2.5)
    Rx-Main (2.2.5)
      Rx-Core (>= 2.2.5)
      Rx-Interfaces (>= 2.2.5)
      Rx-Linq (>= 2.2.5)
      Rx-PlatformServices (>= 2.2.5)
    Rx-PlatformServices (2.2.5)
      Rx-Core (>= 2.2.5)
      Rx-Interfaces (>= 2.2.5)
    SgmlReader (1.8.11) - framework: >= net40
    Sharp-Config (1.0.0)
      Newtonsoft.Json
